GEM
  remote: http://rubygems.org/
  specs:
    activesupport (4.1.1)
      i18n (~> 0.6, >= 0.6.9)
      json (~> 1.7, >= 1.7.7)
      minitest (~> 5.1)
      thread_safe (~> 0.1)
      tzinfo (~> 1.1)
    backports (3.6.0)
    bootstrap-sass (3.1.1.1)
      sass (~> 3.2)
    chunky_png (1.3.1)
    coderay (1.1.0)
    coffee-script (2.2.0)
      coffee-script-source
      execjs
    coffee-script-source (1.7.0)
    compass (0.12.6)
      chunky_png (~> 1.2)
      fssm (>= 0.2.7)
      sass (~> 3.2.19)
    execjs (2.0.2)
    fssm (0.2.10)
    haml (4.0.5)
      tilt
    httparty (0.13.1)
      json (~> 1.8)
      multi_xml (>= 0.5.2)
    i18n (0.6.9)
    json (1.8.1)
    lastfm (1.24.0)
      activesupport (>= 3.2.0)
      httparty
      xml-simple
    method_source (0.8.2)
    minitest (5.3.4)
    multi_json (1.10.1)
    multi_xml (0.5.5)
    pry (0.9.12.6)
      coderay (~> 1.0)
      method_source (~> 0.8)
      slop (~> 3.4)
    rack (1.5.2)
    rack-protection (1.5.3)
      rack
    rack-test (0.6.2)
      rack (>= 1.0)
    sass (3.2.19)
    sinatra (1.4.5)
      rack (~> 1.4)
      rack-protection (~> 1.4)
      tilt (~> 1.3, >= 1.3.4)
    sinatra-contrib (1.4.2)
      backports (>= 2.0)
      multi_json
      rack-protection
      rack-test
      sinatra (~> 1.4.0)
      tilt (~> 1.3)
    slop (3.5.0)
    thread_safe (0.3.3)
    tilt (1.4.1)
    tzinfo (1.1.0)
      thread_safe (~> 0.1)
    xml-simple (1.1.3)
    youtube_search (0.1.7)

PLATFORMS
  ruby

DEPENDENCIES
  bootstrap-sass (~> 3.1.1.1)
  coffee-script (~> 2.2.0)
  compass (~> 0.12.6)
  haml (~> 4.0.5)
  lastfm (~> 1.24.0)
  pry (~> 0.9.12.6)
  sinatra (~> 1.4.5)
  sinatra-contrib (~> 1.4.2)
  youtube_search
